PATH
  remote: .
  specs:
    oak (0.4.0)
      bzip2-ffi (~> 1.0.0)
      contracts (~> 0.16.0)
      lz4-ruby (~> 0.3.3)
      optimist (~> 3.0.0)
      ruby-lzma (~> 0.4.3)
      rubydoctest (~> 1.1.5)

GEM
  remote: https://rubygems.org/
  specs:
    ast (2.4.0)
    bzip2-ffi (1.0.0)
      ffi (~> 1.0)
    contracts (0.16.0)
    ffi (1.9.25)
    lz4-ruby (0.3.3)
    minitest (5.11.3)
    optimist (3.0.0)
    parallel (1.12.1)
    parser (2.5.1.0)
      ast (~> 2.4.0)
    powerpack (0.1.2)
    rainbow (3.0.0)
    rake (12.3.1)
    rubocop (0.54.0)
      parallel (~> 1.10)
      parser (>= 2.5)
      powerpack (~> 0.1)
      rainbow (>= 2.2.2, < 4.0)
      ruby-progressbar (~> 1.7)
      unicode-display_width (~> 1.0, >= 1.0.1)
    ruby-lzma (0.4.3)
    ruby-progressbar (1.9.0)
    rubydoctest (1.1.5)
    unicode-display_width (1.4.0)

PLATFORMS
  ruby

DEPENDENCIES
  bundler (~> 1.16.1)
  minitest (~> 5.11.3)
  oak!
  rake (~> 12.3.1)
  rubocop (~> 0.54.0)

BUNDLED WITH
   1.16.4
